PATH
  remote: .
  specs:
    hoverintent-rails (1.0.0)

GEM
  remote: https://rubygems.org/
  specs:
    rake (10.5.0)

PLATFORMS
  ruby

DEPENDENCIES
  bundler (~> 2.0)
  hoverintent-rails!
  rake (~> 10.0)

BUNDLED WITH
   2.0.1
